PATH
  remote: .
  specs:
    rubytree (0.9.8)
      json (~> 2.0)

GEM
  remote: https://rubygems.org/
  specs:
    coveralls (0.8.19)
      json (>= 1.8, < 3)
      simplecov (~> 0.12.0)
      term-ansicolor (~> 1.3)
      thor (~> 0.19.1)
      tins (~> 1.6)
    diff-lcs (1.3)
    docile (1.1.5)
    json (2.0.3)
    power_assert (0.4.1)
    rake (10.5.0)
    rdoc (4.3.0)
    rspec (3.5.0)
      rspec-core (~> 3.5.0)
      rspec-expectations (~> 3.5.0)
      rspec-mocks (~> 3.5.0)
    rspec-core (3.5.4)
      rspec-support (~> 3.5.0)
    rspec-expectations (3.5.0)
      diff-lcs (>= 1.2.0, < 2.0)
      rspec-support (~> 3.5.0)
    rspec-mocks (3.5.0)
      diff-lcs (>= 1.2.0, < 2.0)
      rspec-support (~> 3.5.0)
    rspec-support (3.5.0)
    rtags (0.97)
    rtagstask (0.0.4)
      rtags (> 0.0.0)
    simplecov (0.12.0)
      docile (~> 1.1.0)
      json (>= 1.8, < 3)
      simplecov-html (~> 0.10.0)
    simplecov-html (0.10.0)
    term-ansicolor (1.4.0)
      tins (~> 1.0)
    test-unit (3.2.3)
      power_assert
    thor (0.19.4)
    tins (1.13.0)
    yard (0.9.8)

PLATFORMS
  ruby

DEPENDENCIES
  bundler (~> 1.14)
  coveralls (>= 0.8)
  rake (~> 10.4)
  rdoc (~> 4.2)
  rspec (>= 3.5)
  rtagstask (~> 0.0)
  rubytree!
  test-unit (~> 3.0)
  yard (~> 0.8)

BUNDLED WITH
   1.14.3
